GEM
  remote: http://rubygems.org/
  specs:
    hpricot (0.8.4)

PLATFORMS
  ruby

DEPENDENCIES
  hpricot
