GEM
  remote: http://rubygems.org/
  specs:
    activemodel (3.0.3)
      activesupport (= 3.0.3)
      builder (~> 2.1.2)
      i18n (~> 0.4)
    activerecord (3.0.3)
      activemodel (= 3.0.3)
      activesupport (= 3.0.3)
      arel (~> 2.0.2)
      tzinfo (~> 0.3.23)
    activesupport (3.0.3)
    arel (2.0.7)
    builder (2.1.2)
    hpricot (0.8.4)
    i18n (0.5.0)
    json (1.5.1)
    sqlite3 (1.3.4)
    tzinfo (0.3.24)

PLATFORMS
  ruby

DEPENDENCIES
  activerecord
  hpricot
  json
  sqlite3
